GEM
  remote: https://rubygems.org/
  specs:
    nio4r (2.7.3)
    puma (5.6.9)
      nio4r (~> 2.0)
    rack (3.1.11)
    rack-unreloader (1.7.0)

PLATFORMS
  ruby

DEPENDENCIES
  puma
  rack (>= 2.2.12)
  rack-unreloader

BUNDLED WITH
   2.1.4
